GEM
  remote: https://rubygems.org/
  specs:
    coderay (1.0.9)
    dotenv (0.8.0)
    inflecto (0.0.2)
    lumberjack (1.0.4)
    method_source (0.8.1)
    pry (0.9.12.2)
      coderay (~> 1.0.5)
      method_source (~> 0.8)
      slop (~> 3.4)
    slop (3.4.5)

PLATFORMS
  ruby

DEPENDENCIES
  dotenv
  inflecto
  lumberjack
  pry
